PATH
  remote: .
  specs:
    warden-webauthn (0.2.0)
      warden
      webauthn (>= 3)

GEM
  remote: https://rubygems.org/
  specs:
    android_key_attestation (0.3.0)
    ast (2.4.2)
    awrence (1.2.1)
    bindata (2.4.15)
    cbor (0.5.9.6)
    cose (1.3.0)
      cbor (~> 0.5.9)
      openssl-signature_algorithm (~> 1.0)
    debug (1.7.1)
      irb (>= 1.5.0)
      reline (>= 0.3.1)
    docile (1.4.0)
    io-console (0.6.0)
    irb (1.6.2)
      reline (>= 0.3.0)
    json (2.6.3)
    jwt (2.7.0)
    m (1.6.1)
      method_source (>= 0.6.7)
      rake (>= 0.9.2.2)
    method_source (1.0.0)
    minitest (5.17.0)
    openssl (3.0.2)
    openssl-signature_algorithm (1.2.1)
      openssl (> 2.0, < 3.1)
    parallel (1.22.1)
    parser (3.2.1.0)
      ast (~> 2.4.1)
    rack (3.0.6.1)
    rack-session (2.0.0)
      rack (>= 3.0.0)
    rack-test (2.0.2)
      rack (>= 1.3)
    rainbow (3.1.1)
    rake (13.0.6)
    regexp_parser (2.7.0)
    reline (0.3.2)
      io-console (~> 0.5)
    rexml (3.2.5)
    rubocop (1.45.1)
      json (~> 2.3)
      parallel (~> 1.10)
      parser (>= 3.2.0.0)
      rainbow (>= 2.2.2, < 4.0)
      regexp_parser (>= 1.8, < 3.0)
      rexml (>= 3.2.5, < 4.0)
      rubocop-ast (>= 1.24.1, < 2.0)
      ruby-progressbar (~> 1.7)
      unicode-display_width (>= 2.4.0, < 3.0)
    rubocop-ast (1.26.0)
      parser (>= 3.2.1.0)
    ruby-progressbar (1.11.0)
    safety_net_attestation (0.4.0)
      jwt (~> 2.0)
    simplecov (0.22.0)
      docile (~> 1.1)
      simplecov-html (~> 0.11)
      simplecov_json_formatter (~> 0.1)
    simplecov-html (0.12.3)
    simplecov_json_formatter (0.1.4)
    tpm-key_attestation (0.12.0)
      bindata (~> 2.4)
      openssl (> 2.0)
      openssl-signature_algorithm (~> 1.0)
    unicode-display_width (2.4.2)
    warden (1.2.9)
      rack (>= 2.0.9)
    webauthn (3.0.0)
      android_key_attestation (~> 0.3.0)
      awrence (~> 1.1)
      bindata (~> 2.4)
      cbor (~> 0.5.9)
      cose (~> 1.1)
      openssl (>= 2.2)
      safety_net_attestation (~> 0.4.0)
      tpm-key_attestation (~> 0.12.0)

PLATFORMS
  arm64-darwin-21
  arm64-darwin-22
  x86_64-linux

DEPENDENCIES
  debug
  m
  minitest (~> 5.0)
  rack
  rack-session
  rack-test
  rake (~> 13.0)
  rubocop (~> 1.21)
  simplecov
  warden-webauthn!

BUNDLED WITH
   2.4.6
